PATH
  remote: .
  specs:
    rbr (0.3.0)
      parser

GEM
  remote: https://rubygems.org/
  specs:
    ast (2.4.2)
    minitest (5.15.0)
    parser (3.1.0.0)
      ast (~> 2.4.1)
    rake (13.0.6)

PLATFORMS
  ruby

DEPENDENCIES
  bundler (~> 2.0)
  minitest (~> 5.0)
  rake (~> 13.0)
  rbr!

BUNDLED WITH
   2.3.6
