PATH
  remote: .
  specs:
    rbr (0.2.0)
      parser

GEM
  remote: https://rubygems.org/
  specs:
    ast (2.4.0)
    coderay (1.1.3)
    method_source (1.0.0)
    minitest (5.14.1)
    parser (2.7.1.3)
      ast (~> 2.4.0)
    pry (0.13.1)
      coderay (~> 1.1)
      method_source (~> 1.0)
    rake (13.0.1)

PLATFORMS
  ruby

DEPENDENCIES
  bundler (~> 1.17)
  minitest (~> 5.0)
  pry (~> 0.0)
  rake (~> 13.0)
  rbr!

BUNDLED WITH
   1.17.2
