GEM
  specs:
    ast (2.3.0)
    parser (2.4.0.0)
      ast (~> 2.2)

PLATFORMS
  ruby

DEPENDENCIES
  parser

BUNDLED WITH
   1.16.0
